PATH
  remote: .
  specs:
    chef-ai-assistant (0.1.0)
      rainbow (~> 3.0)
      ruby-openai (~> 5.0)
      tty-prompt (~> 0.23)
      tty-spinner (~> 0.9)

GEM
  remote: https://rubygems.org/
  specs:
    diff-lcs (1.6.2)
    event_stream_parser (0.3.0)
    faraday (2.13.1)
      faraday-net_http (>= 2.0, < 3.5)
      json
      logger
    faraday-multipart (1.1.0)
      multipart-post (~> 2.0)
    faraday-net_http (3.4.0)
      net-http (>= 0.5.0)
    json (2.12.0)
    logger (1.7.0)
    multipart-post (2.4.1)
    net-http (0.6.0)
      uri
    pastel (0.8.0)
      tty-color (~> 0.5)
    rainbow (3.1.1)
    rake (13.2.1)
    rspec (3.13.0)
      rspec-core (~> 3.13.0)
      rspec-expectations (~> 3.13.0)
      rspec-mocks (~> 3.13.0)
    rspec-core (3.13.3)
      rspec-support (~> 3.13.0)
    rspec-expectations (3.13.4)
      diff-lcs (>= 1.2.0, < 2.0)
      rspec-support (~> 3.13.0)
    rspec-mocks (3.13.4)
      diff-lcs (>= 1.2.0, < 2.0)
      rspec-support (~> 3.13.0)
    rspec-support (3.13.3)
    ruby-openai (5.2.0)
      event_stream_parser (>= 0.3.0, < 1.0.0)
      faraday (>= 1)
      faraday-multipart (>= 1)
    tty-color (0.6.0)
    tty-cursor (0.7.1)
    tty-prompt (0.23.1)
      pastel (~> 0.8)
      tty-reader (~> 0.8)
    tty-reader (0.9.0)
      tty-cursor (~> 0.7)
      tty-screen (~> 0.8)
      wisper (~> 2.0)
    tty-screen (0.8.2)
    tty-spinner (0.9.3)
      tty-cursor (~> 0.7)
    uri (1.0.3)
    wisper (2.0.1)

PLATFORMS
  x86_64-darwin-22
  x86_64-darwin-23

DEPENDENCIES
  bundler (~> 2.0)
  chef-ai-assistant!
  rake (~> 13.0)
  rspec (~> 3.10)

BUNDLED WITH
   2.3.27
